GEM
  remote: https://rubygems.org/
  specs:
    bson (4.3.0)
    mongo (2.6.0)
      bson (>= 4.3.0, < 5.0.0)
    mustermann (1.0.2)
    rack (2.0.5)
    rack-protection (2.0.3)
      rack
    sinatra (2.0.3)
      mustermann (~> 1.0)
      rack (~> 2.0)
      rack-protection (= 2.0.3)
      tilt (~> 2.0)
    tilt (2.0.8)

PLATFORMS
  ruby

DEPENDENCIES
  mongo (~> 2.6)
  sinatra (~> 2.0, >= 2.0.3)

BUNDLED WITH
   1.16.2
